GIT
  remote: git://github.com/japgolly/simplecov.git
  revision: da9358aa22d49b7413e3619098df2dd865221c29
  branch: nan_fix
  specs:
    simplecov (0.6.2)
      multi_json (~> 1.3)
      simplecov-html (~> 0.5.3)

PATH
  remote: /home/golly/projects/corvid
  specs:
    corvid (0.0.1)

GEM
  remote: http://rubygems.org/
  specs:
    ansi (1.4.2)
    builder (3.0.0)
    ci_reporter (1.7.0)
      builder (>= 2.1.2)
    columnize (0.3.6)
    debugger (1.1.3)
      columnize (>= 0.3.1)
      debugger-linecache (~> 1.1.1)
      debugger-ruby_core_source (~> 1.1.2)
    debugger-linecache (1.1.1)
      debugger-ruby_core_source (>= 1.1.1)
    debugger-ruby_core_source (1.1.2)
    ffi (1.0.11)
    guard (1.0.2)
      ffi (>= 0.5.0)
      thor (~> 0.14.6)
    guard-minitest (0.5.0)
      guard (>= 0.4)
    minitest (2.12.1)
    multi_json (1.3.4)
    rake (0.9.2.2)
    rdiscount (1.6.8)
    simplecov-html (0.5.3)
    thor (0.14.6)
    turn (0.9.5)
      ansi
    yard (0.8.1)

PLATFORMS
  ruby

DEPENDENCIES
  ci_reporter
  corvid!
  debugger
  guard-minitest (>= 0.5.0)
  minitest
  rake
  rdiscount
  simplecov!
  turn
  yard
